GIT
  remote: git@github.com:simplybusiness/capistrano-ext-puppetize.git
  revision: bfeb40141e511450a41d134bd1569b424db4d19c
  specs:
    capistrano-ext-puppetize (0.3.1)
      capistrano (>= 2.0.0)
      capistrano-ext

GEM
  remote: https://rubygems.org/
  specs:
    capistrano (2.14.2)
      highline
      net-scp (>= 1.0.0)
      net-sftp (>= 2.0.0)
      net-ssh (>= 2.0.14)
      net-ssh-gateway (>= 1.1.0)
    capistrano-ext (1.2.1)
      capistrano (>= 1.0.0)
    highline (1.6.16)
    net-scp (1.1.0)
      net-ssh (>= 2.6.5)
    net-sftp (2.1.1)
      net-ssh (>= 2.6.5)
    net-ssh (2.6.7)
    net-ssh-gateway (1.2.0)
      net-ssh (>= 2.6.5)
    rake (10.0.4)

PLATFORMS
  ruby

DEPENDENCIES
  capistrano
  capistrano-ext-puppetize!
  rake
